GEM
  remote: http://rubygems.org/
  specs:
    ensure-encoding (0.1)
    right_aws (3.0.4)
      right_http_connection (>= 1.2.5)
    right_http_connection (1.3.0)

PLATFORMS
  ruby

DEPENDENCIES
  ensure-encoding (~> 0.1)
  right_aws (~> 3.0.4)
